GEM
  remote: http://rubygems.org/
  specs:
    activemodel (3.0.8)
      activesupport (= 3.0.8)
      builder (~> 2.1.2)
      i18n (~> 0.5.0)
    activerecord (3.0.8)
      activemodel (= 3.0.8)
      activesupport (= 3.0.8)
      arel (~> 2.0.10)
      tzinfo (~> 0.3.23)
    activesupport (3.0.8)
    arel (2.0.10)
    builder (2.1.2)
    eventmachine (0.12.10)
    eventmachine_httpserver (0.2.1)
    i18n (0.5.0)
    mysql2 (0.2.8)
    rack (1.3.0)
    rack-contrib (1.1.0)
      rack (>= 0.9.1)
    shotgun (0.9)
      rack (>= 1.0)
    sinatra (1.2.6)
      rack (~> 1.1)
      tilt (>= 1.2.2, < 2.0)
    tilt (1.3.2)
    tzinfo (0.3.28)

PLATFORMS
  ruby

DEPENDENCIES
  activerecord (>= 3.0.0)
  eventmachine
  eventmachine_httpserver
  mysql2 (< 0.3)
  rack-contrib
  shotgun
  sinatra
